PATH
  remote: .
  specs:
    marcel (0.3.3)
      mimemagic (~> 0.3.2)

GEM
  remote: https://rubygems.org/
  specs:
    mimemagic (0.3.2)
    minitest (5.11.3)
    rack (2.0.8)
    rake (10.5.0)

PLATFORMS
  ruby

DEPENDENCIES
  bundler (~> 1.7)
  marcel!
  minitest (~> 5.11)
  rack (~> 2.0)
  rake (~> 10.0)

BUNDLED WITH
   1.16.4
