PATH
  remote: .
  specs:
    marcel (0.3.3)

GEM
  remote: https://rubygems.org/
  specs:
    byebug (10.0.2)
    mini_portile2 (2.4.0)
    minitest (5.11.3)
    nokogiri (1.9.1)
      mini_portile2 (~> 2.4.0)
    rack (2.1.4)
    rake (13.0.1)

PLATFORMS
  ruby

DEPENDENCIES
  bundler (>= 1.7)
  byebug (~> 10.0.2)
  marcel!
  minitest (~> 5.11)
  nokogiri (~> 1.9.1)
  rack (~> 2.0)
  rake (~> 13.0)

BUNDLED WITH
   2.3.0.dev
