GIT
  remote: git://github.com/kwilczynski/ruby-magic.git
  revision: 3355199c5dce18e596a21f545e3141a07aa4d9c8
  branch: main
  specs:
    ruby-magic (0.2.0)

PATH
  remote: .
  specs:
    marcel (0.3.3)
      mini_mime (~> 1.0.2)
      ruby-magic (~> 0.2.0)

GEM
  remote: https://rubygems.org/
  specs:
    mini_mime (1.0.2)
    minitest (5.11.3)
    rack (2.1.4)
    rake (13.0.1)

PLATFORMS
  ruby

DEPENDENCIES
  bundler (>= 1.7)
  marcel!
  minitest (~> 5.11)
  rack (~> 2.0)
  rake (~> 13.0)
  ruby-magic!

BUNDLED WITH
   1.17.2
