PATH
  remote: .
  specs:
    marcel (0.3.3)

GEM
  remote: https://rubygems.org/
  specs:
    mini_portile2 (2.5.0)
    minitest (5.11.3)
    nokogiri (1.11.2)
      mini_portile2 (~> 2.5.0)
      racc (~> 1.4)
    racc (1.5.2)
    rack (2.1.4)
    rake (13.0.1)

PLATFORMS
  ruby

DEPENDENCIES
  bundler (>= 1.7)
  marcel!
  minitest (~> 5.11)
  nokogiri (~> 1.11.2)
  rack (~> 2.0)
  rake (~> 13.0)

BUNDLED WITH
   2.3.0.dev
